PATH
  remote: .
  specs:
    lightning_sites (1.4.4)
      colorize (>= 0.8)
      html-proofer (>= 3.10.2)
      html-proofer-mailto_awesome (>= 0.1.2)
      nokogiri (>= 1.10.1)
      rake (>= 12.3.1)
      w3c_validators (>= 1.3.3)
      web-puc (>= 0.3.1)

GEM
  remote: https://rubygems.org/
  specs:
    activesupport (5.2.3)
      concurrent-ruby (~> 1.0, >= 1.0.2)
      i18n (>= 0.7, < 2)
      minitest (~> 5.1)
      tzinfo (~> 1.1)
    addressable (2.6.0)
      public_suffix (>= 2.0.2, < 4.0)
    colorize (0.8.1)
    concurrent-ruby (1.1.5)
    diff-lcs (1.3)
    ethon (0.12.0)
      ffi (>= 1.3.0)
    ffi (1.11.1)
    html-proofer (3.11.0)
      activesupport (>= 4.2, < 6.0)
      addressable (~> 2.3)
      mercenary (~> 0.3.2)
      nokogiri (~> 1.9)
      parallel (~> 1.3)
      rainbow (~> 3.0)
      typhoeus (~> 1.3)
      yell (~> 2.0)
    html-proofer-mailto_awesome (1.0.0)
      html-proofer (~> 3.0, >= 3.9.0)
      rake (~> 12.0, >= 12.0.0)
    i18n (1.6.0)
      concurrent-ruby (~> 1.0)
    json (2.2.0)
    json-schema (2.8.1)
      addressable (>= 2.4)
    mercenary (0.3.6)
    mini_portile2 (2.4.0)
    minitest (5.11.3)
    nokogiri (1.10.4)
      mini_portile2 (~> 2.4.0)
    parallel (1.17.0)
    public_suffix (3.1.1)
    rainbow (3.0.0)
    rake (12.3.2)
    rspec (3.8.0)
      rspec-core (~> 3.8.0)
      rspec-expectations (~> 3.8.0)
      rspec-mocks (~> 3.8.0)
    rspec-core (3.8.0)
      rspec-support (~> 3.8.0)
    rspec-expectations (3.8.2)
      diff-lcs (>= 1.2.0, < 2.0)
      rspec-support (~> 3.8.0)
    rspec-mocks (3.8.0)
      diff-lcs (>= 1.2.0, < 2.0)
      rspec-support (~> 3.8.0)
    rspec-support (3.8.0)
    safe-enum (0.3.0)
    structured-acceptance-test (0.0.6)
      colorize (~> 0.8, >= 0.8.1)
      json-schema (~> 2.8, >= 2.8.0)
      safe-enum (~> 0.3, >= 0.3.0)
    thread_safe (0.3.6)
    typhoeus (1.3.1)
      ethon (>= 0.9.0)
    tzinfo (1.2.5)
      thread_safe (~> 0.1)
    w3c_validators (1.3.4)
      json (>= 1.8)
      nokogiri (~> 1.6)
    web-puc (0.4.0)
      rake (~> 12)
      structured-acceptance-test (~> 0.0.6)
    yell (2.2.0)

PLATFORMS
  ruby

DEPENDENCIES
  bundler (>= 1.17.3)
  lightning_sites!
  rake
  rspec

BUNDLED WITH
   1.17.3
